PATH
  remote: .
  specs:
    hash_accessor (1.0.5)
      activesupport (>= 3.2.0)

GEM
  remote: https://rubygems.org/
  specs:
    activesupport (3.2.13)
      i18n (= 0.6.1)
      multi_json (~> 1.0)
    i18n (0.6.1)
    minitest (5.0.5)
    multi_json (1.7.7)
    rake (10.1.0)

PLATFORMS
  ruby

DEPENDENCIES
  bundler (~> 1.3)
  hash_accessor!
  minitest (>= 5.0.0)
  rake
